GEM
  remote: https://rubygems.org/
  specs:
    cpf_utils (1.3.1)
    lerolero_generator (1.0.1)
    nokogiri (1.12.4-x86_64-linux)
      racc (~> 1.4)
    racc (1.5.2)

PLATFORMS
  x86_64-linux

DEPENDENCIES
  cpf_utils
  lerolero_generator
  nokogiri

BUNDLED WITH
   2.2.28
